GEM
  remote: https://rubygems.org/
  specs:
    mime-types (2.0)
    multi_json (1.8.2)
    rake (10.1.0)
    rest-client (1.6.7)
      mime-types (>= 1.16)

PLATFORMS
  ruby

DEPENDENCIES
  multi_json
  rake
  rest-client
